GEM
  remote: https://rubygems.org/
  specs:
    gosu (1.4.6)

PLATFORMS
  ruby
  x86_64-linux

DEPENDENCIES
  gosu (~> 1.4)

BUNDLED WITH
   2.5.17
